GEM
  remote: http://rubygems.org/
  remote: http://gems.github.com/
  specs:
    capistrano (2.15.5)
      highline
      net-scp (>= 1.0.0)
      net-sftp (>= 2.0.0)
      net-ssh (>= 2.0.14)
      net-ssh-gateway (>= 1.1.0)
    eventmachine (1.0.3)
    eventmachine (1.0.3-x86-mingw32)
    highline (1.6.21)
    little-plugger (1.1.3)
    logging (1.8.1)
      little-plugger (>= 1.1.3)
      multi_json (>= 1.3.6)
    multi_json (1.6.1)
    net-scp (1.2.1)
      net-ssh (>= 2.6.5)
    net-sftp (2.1.2)
      net-ssh (>= 2.6.5)
    net-ssh (2.6.7)
    net-ssh-gateway (1.2.0)
      net-ssh (>= 2.6.5)
    rvm-capistrano (1.5.3)
      capistrano (~> 2.15.4)
    webrick (1.3.1)

PLATFORMS
  x86-mingw32

DEPENDENCIES
  capistrano (~> 2.15.5)
  eventmachine (~> 1.0.0)
  logging (~> 1.8.1)
  rvm-capistrano (~> 1.5.3)
  webrick (~> 1.3.1)
